GEM
  remote: https://rubygems.org/
  specs:
    Ascii85 (1.1.1)
    addressable (2.8.7)
      public_suffix (>= 2.0.2, < 7.0)
    afm (0.2.2)
    async (2.8.2)
      console (~> 1.10)
      fiber-annotation
      io-event (~> 1.1)
      timers (~> 4.1)
    autoprefixer-rails (10.4.13.0)
      execjs (~> 2)
    bootstrap-sass (3.4.1)
      autoprefixer-rails (>= 5.2.1)
      sassc (>= 2.0.0)
    colorator (1.1.0)
    concurrent-ruby (1.2.3)
    console (1.23.7)
      fiber-annotation
      fiber-local
      json
    em-websocket (0.5.3)
      eventmachine (>= 0.12.9)
      http_parser.rb (~> 0)
    ethon (0.16.0)
      ffi (>= 1.15.0)
    eventmachine (1.2.7)
    execjs (2.8.1)
    fastimage (1.8.1)
      addressable (~> 2.3, >= 2.3.5)
    ffi (1.15.5)
    fiber-annotation (0.2.0)
    fiber-local (1.0.0)
    forwardable-extended (2.6.0)
    google-protobuf (3.25.2-x86_64-linux)
    hashery (2.1.2)
    hike (1.2.3)
    html-proofer (5.0.10)
      addressable (~> 2.3)
      async (~> 2.1)
      nokogiri (~> 1.13)
      pdf-reader (~> 2.11)
      rainbow (~> 3.0)
      typhoeus (~> 1.3)
      yell (~> 2.0)
      zeitwerk (~> 2.5)
    http_parser.rb (0.8.0)
    i18n (1.14.1)
      concurrent-ruby (~> 1.0)
    io-event (1.4.4)
    jekyll (4.3.3)
      addressable (~> 2.4)
      colorator (~> 1.0)
      em-websocket (~> 0.5)
      i18n (~> 1.0)
      jekyll-sass-converter (>= 2.0, < 4.0)
      jekyll-watch (~> 2.0)
      kramdown (~> 2.3, >= 2.3.1)
      kramdown-parser-gfm (~> 1.0)
      liquid (~> 4.0)
      mercenary (>= 0.3.6, < 0.5)
      pathutil (~> 0.9)
      rouge (>= 3.0, < 5.0)
      safe_yaml (~> 1.0)
      terminal-table (>= 1.8, < 4.0)
      webrick (~> 1.7)
    jekyll-assets (1.0.0)
      fastimage (~> 1.6)
      jekyll (>= 2)
      mini_magick (~> 4.1)
      sass (~> 3.2)
      sprockets (~> 2.10)
      sprockets-helpers
      sprockets-sass
    jekyll-bootstrap-sass (0.1.0)
      bootstrap-sass (~> 3.3)
      jekyll (>= 2.5)
    jekyll-feed (0.17.0)
      jekyll (>= 3.7, < 5.0)
    jekyll-sass-converter (3.0.0)
      sass-embedded (~> 1.54)
    jekyll-seo-tag (2.8.0)
      jekyll (>= 3.8, < 5.0)
    jekyll-sitemap (1.4.0)
      jekyll (>= 3.7, < 5.0)
    jekyll-watch (2.2.1)
      listen (~> 3.0)
    json (0.4.3)
    kramdown (2.4.0)
      rexml
    kramdown-parser-gfm (1.1.0)
      kramdown (~> 2.0)
    liquid (4.0.4)
    listen (3.8.0)
      rb-fsevent (~> 0.10, >= 0.10.3)
      rb-inotify (~> 0.9, >= 0.9.10)
    mercenary (0.4.0)
    mini_magick (4.12.0)
    mini_portile2 (2.8.8)
    multi_json (1.15.0)
    nokogiri (1.16.8)
      mini_portile2 (~> 2.8.2)
      racc (~> 1.4)
    pathutil (0.16.2)
      forwardable-extended (~> 2.6)
    pdf-reader (2.12.0)
      Ascii85 (~> 1.0)
      afm (~> 0.2.1)
      hashery (~> 2.0)
      ruby-rc4
      ttfunk
    public_suffix (5.0.5)
    racc (1.7.3)
    rack (1.6.13)
    rainbow (3.1.1)
    rb-fsevent (0.11.2)
    rb-inotify (0.10.1)
      ffi (~> 1.0)
    rexml (3.2.6)
    rouge (4.2.0)
    ruby-rc4 (0.1.5)
    safe_yaml (1.0.5)
    sass (3.7.4)
      sass-listen (~> 4.0.0)
    sass-embedded (1.70.0-x86_64-linux-gnu)
      google-protobuf (~> 3.25)
    sass-listen (4.0.0)
      rb-fsevent (~> 0.9, >= 0.9.4)
      rb-inotify (~> 0.9, >= 0.9.7)
    sassc (2.4.0)
      ffi (~> 1.9)
    sprockets (2.12.5)
      hike (~> 1.2)
      multi_json (~> 1.0)
      rack (~> 1.0)
      tilt (~> 1.1, != 1.3.0)
    sprockets-helpers (1.4.0)
      sprockets (>= 2.2)
    sprockets-sass (1.3.1)
      sprockets (~> 2.0)
      tilt (~> 1.1)
    terminal-table (3.0.2)
      unicode-display_width (>= 1.1.1, < 3)
    tilt (1.4.1)
    timers (4.3.5)
    ttfunk (1.7.0)
    typhoeus (1.4.1)
      ethon (>= 0.9.0)
    unicode-display_width (2.5.0)
    webrick (1.8.1)
    yell (2.2.2)
    zeitwerk (2.6.18)

PLATFORMS
  x86_64-linux

DEPENDENCIES
  html-proofer (>= 3.10.0)
  jekyll (= 4.3.3)
  jekyll-assets
  jekyll-bootstrap-sass
  jekyll-feed (~> 0.6)
  jekyll-seo-tag
  jekyll-sitemap
  sprockets
  tzinfo-data
  webrick

BUNDLED WITH
   2.4.4
